GEM
  remote: http://rubygems.org/
  specs:
    Ascii85 (1.0.2)
    chunky_png (1.2.6)
    dcm2nii-ruby (0.0.1)
    fsl-ruby (0.0.1)
    hashery (2.0.1)
    narray (0.6.0.1)
    nifti (0.0.1)
    pdf-reader (1.2.0)
      Ascii85 (~> 1.0.0)
      hashery (~> 2.0)
      ruby-rc4
    prawn (0.12.0)
      pdf-reader (>= 0.9.0)
      ttfunk (~> 1.0.2)
    ruby-rc4 (0.1.5)
    ttfunk (1.0.3)

PLATFORMS
  ruby

DEPENDENCIES
  chunky_png
  dcm2nii-ruby
  fsl-ruby
  narray
  nifti
  prawn
